GEM
  remote: https://rubygems.org/
  specs:
    actioncable (6.0.5)
      actionpack (= 6.0.5)
      nio4r (~> 2.0)
      websocket-driver (>= 0.6.1)
    actionmailbox (6.0.5)
      actionpack (= 6.0.5)
      activejob (= 6.0.5)
      activerecord (= 6.0.5)
      activestorage (= 6.0.5)
      activesupport (= 6.0.5)
      mail (>= 2.7.1)
    actionmailer (6.0.5)
      actionpack (= 6.0.5)
      actionview (= 6.0.5)
      activejob (= 6.0.5)
      mail (~> 2.5, >= 2.5.4)
      rails-dom-testing (~> 2.0)
    actionpack (6.0.5)
      actionview (= 6.0.5)
      activesupport (= 6.0.5)
      rack (~> 2.0, >= 2.0.8)
      rack-test (>= 0.6.3)
      rails-dom-testing (~> 2.0)
      rails-html-sanitizer (~> 1.0, >= 1.2.0)
    actiontext (6.0.5)
      actionpack (= 6.0.5)
      activerecord (= 6.0.5)
      activestorage (= 6.0.5)
      activesupport (= 6.0.5)
      nokogiri (>= 1.8.5)
    actionview (6.0.5)
      activesupport (= 6.0.5)
      builder (~> 3.1)
      erubi (~> 1.4)
      rails-dom-testing (~> 2.0)
      rails-html-sanitizer (~> 1.1, >= 1.2.0)
    activejob (6.0.5)
      activesupport (= 6.0.5)
      globalid (>= 0.3.6)
    activemodel (6.0.5)
      activesupport (= 6.0.5)
    activemodel-serializers-xml (1.0.2)
      activemodel (> 5.x)
      activesupport (> 5.x)
      builder (~> 3.1)
    activerecord (6.0.5)
      activemodel (= 6.0.5)
      activesupport (= 6.0.5)
    activeresource (6.0.0)
      activemodel (>= 6.0)
      activemodel-serializers-xml (~> 1.0)
      activesupport (>= 6.0)
    activestorage (6.0.5)
      actionpack (= 6.0.5)
      activejob (= 6.0.5)
      activerecord (= 6.0.5)
      marcel (~> 1.0)
    activesupport (6.0.5)
      concurrent-ruby (~> 1.0, >= 1.0.2)
      i18n (>= 0.7, < 2)
      minitest (~> 5.1)
      tzinfo (~> 1.1)
      zeitwerk (~> 2.2, >= 2.2.2)
    addressable (2.8.0)
      public_suffix (>= 2.0.2, < 5.0)
    attr_encrypted (3.1.0)
      encryptor (~> 3.0.0)
    autoprefixer-rails (10.4.7.0)
      execjs (~> 2)
    awesome_print (1.9.2)
    bindex (0.8.1)
    bitters (2.0.4)
      thor (~> 1.0)
    bootsnap (1.11.1)
      msgpack (~> 1.2)
    browser_sniffer (1.4.0)
    builder (3.2.4)
    byebug (11.1.3)
    capybara (3.36.0)
      addressable
      matrix
      mini_mime (>= 0.1.3)
      nokogiri (~> 1.8)
      rack (>= 1.6.0)
      rack-test (>= 0.6.3)
      regexp_parser (>= 1.5, < 3.0)
      xpath (~> 3.2)
    coderay (1.1.3)
    concurrent-ruby (1.1.10)
    crack (0.4.5)
      rexml
    crass (1.0.6)
    domain_name (0.5.20190701)
      unf (>= 0.0.5, < 1.0.0)
    dotenv (2.7.6)
    dotenv-rails (2.7.6)
      dotenv (= 2.7.6)
      railties (>= 3.2)
    encryptor (3.0.0)
    erubi (1.10.0)
    execjs (2.8.1)
    ffi (1.15.5)
    formulaic (0.4.1)
      activesupport
      capybara
      i18n
    globalid (1.0.0)
      activesupport (>= 5.0)
    hash_diff (1.0.0)
    hashdiff (1.0.1)
    honeybadger (4.12.1)
    http-accept (1.7.0)
    http-cookie (1.0.4)
      domain_name (~> 0.5)
    httparty (0.20.0)
      mime-types (~> 3.0)
      multi_xml (>= 0.5.2)
    i18n (1.10.0)
      concurrent-ruby (~> 1.0)
    jwt (2.3.0)
    launchy (2.5.0)
      addressable (~> 2.7)
    listen (3.7.1)
      rb-fsevent (~> 0.10, >= 0.10.3)
      rb-inotify (~> 0.9, >= 0.9.10)
    loofah (2.18.0)
      crass (~> 1.0.2)
      nokogiri (>= 1.5.9)
    mail (2.7.1)
      mini_mime (>= 0.1.1)
    marcel (1.0.2)
    matrix (0.4.2)
    method_source (1.0.0)
    mime-types (3.4.1)
      mime-types-data (~> 3.2015)
    mime-types-data (3.2022.0105)
    mini_mime (1.1.2)
    mini_portile2 (2.8.0)
    minitest (5.15.0)
    msgpack (1.5.1)
    multi_xml (0.6.0)
    netrc (0.11.0)
    nio4r (2.5.8)
    nokogiri (1.13.6)
      mini_portile2 (~> 2.8.0)
      racc (~> 1.4)
    oj (3.13.11)
    openssl (3.0.0)
    pg (1.3.5)
    pry (0.13.1)
      coderay (~> 1.1)
      method_source (~> 1.0)
    pry-byebug (3.9.0)
      byebug (~> 11.0)
      pry (~> 0.13.0)
    pry-rails (0.3.9)
      pry (>= 0.10.4)
    public_suffix (4.0.7)
    puma (5.6.4)
      nio4r (~> 2.0)
    racc (1.6.0)
    rack (2.2.3)
    rack-canonical-host (1.1.0)
      addressable (> 0, < 3)
      rack (>= 1.0.0, < 3)
    rack-proxy (0.7.2)
      rack
    rack-test (1.1.0)
      rack (>= 1.0, < 3)
    rails (6.0.5)
      actioncable (= 6.0.5)
      actionmailbox (= 6.0.5)
      actionmailer (= 6.0.5)
      actionpack (= 6.0.5)
      actiontext (= 6.0.5)
      actionview (= 6.0.5)
      activejob (= 6.0.5)
      activemodel (= 6.0.5)
      activerecord (= 6.0.5)
      activestorage (= 6.0.5)
      activesupport (= 6.0.5)
      bundler (>= 1.3.0)
      railties (= 6.0.5)
      sprockets-rails (>= 2.0.0)
    rails-dom-testing (2.0.3)
      activesupport (>= 4.2.0)
      nokogiri (>= 1.6)
    rails-html-sanitizer (1.4.2)
      loofah (~> 2.3)
    railties (6.0.5)
      actionpack (= 6.0.5)
      activesupport (= 6.0.5)
      method_source
      rake (>= 0.8.7)
      thor (>= 0.20.3, < 2.0)
    rake (13.0.6)
    rb-fsevent (0.11.1)
    rb-inotify (0.10.1)
      ffi (~> 1.0)
    recipient_interceptor (0.3.1)
      mail
    redirect_safely (1.0.0)
      activemodel
    regexp_parser (2.4.0)
    rest-client (2.1.0)
      http-accept (>= 1.7.0, < 2.0)
      http-cookie (>= 1.0.2, < 2.0)
      mime-types (>= 1.16, < 4.0)
      netrc (~> 0.8)
    rexml (3.2.5)
    sassc (2.4.0)
      ffi (~> 1.9)
    sassc-rails (2.1.2)
      railties (>= 4.0.0)
      sassc (>= 2.0)
      sprockets (> 3.0)
      sprockets-rails
      tilt
    securerandom (0.2.0)
    semantic_range (3.0.0)
    shopify_api (10.0.3)
      concurrent-ruby
      hash_diff
      httparty
      jwt
      oj
      openssl
      securerandom
      sorbet-runtime
      zeitwerk (~> 2.5)
    shopify_app (19.0.2)
      activeresource
      browser_sniffer (~> 1.4.0)
      jwt (>= 2.2.3)
      rails (> 5.2.1)
      redirect_safely (~> 1.0)
      shopify_api (~> 10.0)
      sprockets-rails (>= 2.0.0)
    skylight (5.3.2)
      activesupport (>= 5.2.0)
    sorbet-runtime (0.5.10001)
    sprockets (3.7.2)
      concurrent-ruby (~> 1.0)
      rack (> 1, < 3)
    sprockets-rails (3.4.2)
      actionpack (>= 5.2)
      activesupport (>= 5.2)
      sprockets (>= 3.0.0)
    suspenders (1.55.1)
      bitters (>= 2.0.4)
      rails (~> 6.0.0)
    thor (1.2.1)
    thread_safe (0.3.6)
    tilt (2.0.10)
    timecop (0.9.5)
    title (0.0.8)
      i18n
      rails (>= 3.1)
    tzinfo (1.2.9)
      thread_safe (~> 0.1)
    unf (0.1.4)
      unf_ext
    unf_ext (0.0.8.1)
    web-console (4.2.0)
      actionview (>= 6.0.0)
      activemodel (>= 6.0.0)
      bindex (>= 0.4.0)
      railties (>= 6.0.0)
    webmock (3.14.0)
      addressable (>= 2.8.0)
      crack (>= 0.3.2)
      hashdiff (>= 0.4.0, < 2.0.0)
    webpacker (5.4.3)
      activesupport (>= 5.2)
      rack-proxy (>= 0.6.1)
      railties (>= 5.2)
      semantic_range (>= 2.3.0)
    websocket-driver (0.7.5)
      websocket-extensions (>= 0.1.0)
    websocket-extensions (0.1.5)
    xpath (3.2.0)
      nokogiri (~> 1.8)
    zeitwerk (2.5.4)

PLATFORMS
  ruby

DEPENDENCIES
  attr_encrypted (~> 3.1.0)
  autoprefixer-rails
  awesome_print
  bootsnap
  dotenv-rails
  formulaic
  honeybadger
  launchy
  listen
  pg
  pry-byebug
  pry-rails
  puma
  rack-canonical-host
  rails (~> 6.0.0)
  recipient_interceptor
  rest-client
  sassc-rails
  shopify_app
  skylight
  sprockets (< 4)
  suspenders
  timecop
  title
  tzinfo-data
  web-console
  webmock
  webpacker

RUBY VERSION
   ruby 2.6.6p146

BUNDLED WITH
   1.17.3
